GEM
  remote: https://rubygems.org/
  specs:
    concurrent-ruby (1.1.9)
    et-orbi (1.2.6)
      tzinfo
    fugit (1.5.2)
      et-orbi (~> 1.1, >= 1.1.8)
      raabro (~> 1.4)
    raabro (1.4.0)
    rufus-scheduler (3.8.1)
      fugit (~> 1.1, >= 1.1.6)
    tzinfo (2.0.4)
      concurrent-ruby (~> 1.0)

PLATFORMS
  x86_64-darwin-20

DEPENDENCIES
  rufus-scheduler (~> 3.2)

BUNDLED WITH
   2.2.26
